GIT
  remote: git://github.com/adhearsion/punchblock.git
  revision: 466192afca6b3a72a7f4430784b7512c78e7fb94
  branch: develop
  specs:
    punchblock (2.7.5)
      activesupport (>= 3.0.0, < 5.0.0)
      blather (~> 1.0)
      celluloid (~> 0.15.2)
      future-resource (~> 1.0)
      has-guarded-handlers (~> 1.5)
      nokogiri (~> 1.5, >= 1.5.6)
      ruby_ami (~> 2.2)
      ruby_jid (~> 1.0)
      ruby_speech (~> 2.3)
      state_machine (~> 1.0)
      virtus (~> 1.0)

GIT
  remote: git://github.com/platforma/electric_slide.git
  revision: 6f5c11879038d86b988424c3d9de2130b6ffe5e5
  branch: bugfix/nil-calls-in-queue-fixed
  specs:
    electric_slide (0.5.0)
      activesupport
      adhearsion
      countdownlatch

GEM
  remote: https://rubygems.org/
  specs:
    activesupport (4.2.7.1)
      i18n (~> 0.7)
      json (~> 1.7, >= 1.7.7)
      minitest (~> 5.1)
      thread_safe (~> 0.3, >= 0.3.4)
      tzinfo (~> 1.1)
    addressable (2.3.8)
    adhearsion (2.6.2)
      activesupport (>= 3.0.0, < 5.0.0)
      adhearsion-loquacious (~> 1.9)
      bundler (~> 1.0)
      celluloid (~> 0.14)
      countdownlatch
      deep_merge
      ffi (~> 1.0)
      girl_friday
      has-guarded-handlers (~> 1.6)
      logging (~> 1.8)
      pry
      punchblock (~> 2.6)
      rake
      ruby_speech (~> 2.0)
      thor (~> 0.18.0)
    adhearsion-asterisk (1.5.1)
      adhearsion (~> 2.0)
    adhearsion-loquacious (1.9.3)
    axiom-types (0.1.1)
      descendants_tracker (~> 0.0.4)
      ice_nine (~> 0.11.0)
      thread_safe (~> 0.3, >= 0.3.1)
    blather (1.2.0)
      activesupport (>= 2.3.11)
      eventmachine (>= 1.0.0)
      girl_friday
      niceogiri (~> 1.0)
      nokogiri (~> 1.5, >= 1.5.6, <= 1.6.1)
    celluloid (0.15.2)
      timers (~> 1.1.0)
    celluloid-io (0.15.0)
      celluloid (>= 0.15.0)
      nio4r (>= 0.5.0)
    coderay (1.1.1)
    coercible (1.0.0)
      descendants_tracker (~> 0.0.1)
    connection_pool (2.1.1)
    countdownlatch (1.0.0)
    deep_enumerable (0.1.4)
    deep_merge (1.1.1)
    descendants_tracker (0.0.4)
      thread_safe (~> 0.3, >= 0.3.1)
    diff-lcs (1.2.5)
    equalizer (0.0.11)
    eventmachine (1.2.1-java)
    faraday (0.10.0)
      multipart-post (>= 1.2, < 3)
    faraday_middleware (0.10.1)
      faraday (>= 0.7.4, < 1.0)
    ffi (1.9.14-java)
    future-resource (1.1.0)
    girl_friday (0.9.5)
    has-guarded-handlers (1.6.3)
    i18n (0.7.0)
    ice_nine (0.11.2)
    jruby-openssl (0.9.6-java)
    json (1.8.3-java)
    little-plugger (1.1.4)
    logging (1.8.2)
      little-plugger (>= 1.1.3)
      multi_json (>= 1.8.4)
    loguse (0.1.0)
      celluloid
      json
      unirest
    method_source (0.8.2)
    mime-types (1.25.1)
    mini_portile (0.5.3)
    minitest (5.9.1)
    multi_json (1.12.1)
    multipart-post (2.0.0)
    niceogiri (1.1.2)
      nokogiri (~> 1.5)
    nio4r (1.2.1-java)
    nokogiri (1.6.1-java)
      mini_portile (~> 0.5.0)
    pry (0.10.4-java)
      coderay (~> 1.1.0)
      method_source (~> 0.8.1)
      slop (~> 3.4)
      spoon (~> 0.0)
    rake (11.3.0)
    rb-inotify (0.9.10)
      ffi (>= 0.5.0, < 2)
    redis (3.3.2)
    redis-scripting (1.0.1)
      redis (>= 3.0)
    rest-client (1.6.9)
      mime-types (~> 1.16)
    rspec (3.5.0)
      rspec-core (~> 3.5.0)
      rspec-expectations (~> 3.5.0)
      rspec-mocks (~> 3.5.0)
    rspec-core (3.5.4)
      rspec-support (~> 3.5.0)
    rspec-expectations (3.5.0)
      diff-lcs (>= 1.2.0, < 2.0)
      rspec-support (~> 3.5.0)
    rspec-mocks (3.5.0)
      diff-lcs (>= 1.2.0, < 2.0)
      rspec-support (~> 3.5.0)
    rspec-support (3.5.0)
    ruby_ami (2.4.0)
      celluloid-io (~> 0.13)
    ruby_jid (1.0.0)
    ruby_speech (2.3.2-java)
      activesupport (>= 3.0.7, < 5.0.0)
      nokogiri (~> 1.6)
    slop (3.6.0)
    spoon (0.0.6)
      ffi
    state_machine (1.2.0)
    statsd-ruby (1.3.0)
    thor (0.18.1)
    thread_safe (0.3.5-java)
    timers (1.1.0)
    tzinfo (1.2.2)
      thread_safe (~> 0.1)
    unirest (1.1.2)
      addressable (~> 2.3.5)
      json (~> 1.8.1)
      rest-client (~> 1.6.7)
    virtus (1.0.5)
      axiom-types (~> 0.1)
      coercible (~> 1.0)
      descendants_tracker (~> 0.0, >= 0.0.3)
      equalizer (~> 0.0, >= 0.0.9)

PLATFORMS
  java

DEPENDENCIES
  adhearsion (~> 2.6)
  adhearsion-asterisk
  celluloid (~> 0.15.0)
  connection_pool (= 2.1.1)
  deep_enumerable
  electric_slide!
  faraday
  faraday_middleware
  jruby-openssl (= 0.9.6)
  loguse
  pry
  punchblock!
  rb-inotify
  redis
  redis-scripting
  rspec
  state_machine
  statsd-ruby
  thor
  thread_safe
  timers

BUNDLED WITH
   1.15.1
